PATH
  remote: .
  specs:
    hashbang (0.0.1.alpha)
      headless
      sunscraper (~> 1.1.0.beta2)
      unicorn

GEM
  remote: http://rubygems.org/
  specs:
    ffi (1.0.11)
    headless (0.2.2)
    kgio (2.7.2)
    rack (1.4.1)
    raindrops (0.8.0)
    sunscraper (1.1.0.beta2)
      ffi (>= 1.0.11)
    unicorn (4.2.0)
      kgio (~> 2.6)
      rack
      raindrops (~> 0.7)

PLATFORMS
  ruby

DEPENDENCIES
  hashbang!
